GEM
  remote: https://rubygems.org/
  specs:
    csv (3.3.0)

PLATFORMS
  ruby
  x86_64-linux

DEPENDENCIES
  csv (~> 3.3)

BUNDLED WITH
   2.5.18
